GEM
  remote: http://rubygems.org/
  specs:
    cinch (2.0.4)
    pastie-api (0.2.1)

PLATFORMS
  ruby

DEPENDENCIES
  cinch
  pastie-api
